GEM
  remote: https://rubygems.org/
  specs:
    coderay (1.1.3)
    google-protobuf (3.17.1-x86_64-linux)
    googleapis-common-protos-types (1.0.6)
      google-protobuf (~> 3.14)
    grpc (1.38.0-x86_64-linux)
      google-protobuf (~> 3.15)
      googleapis-common-protos-types (~> 1.0)
    grpc-tools (1.38.0)
    method_source (1.0.0)
    pry (0.14.1)
      coderay (~> 1.1)
      method_source (~> 1.0)

PLATFORMS
  ruby

DEPENDENCIES
  grpc
  grpc-tools
  pry

BUNDLED WITH
   2.1.4
